PATH
  remote: .
  specs:
    bitsontherun (0.0.1)
      curb
      json (>= 1.4.6)
      nokogiri (>= 1.4.3)

GEM
  remote: http://rubygems.org/
  specs:
    curb (0.7.8)
    diff-lcs (1.1.2)
    json (1.4.6)
    nokogiri (1.4.3.1)
    rspec (2.0.1)
      rspec-core (~> 2.0.1)
      rspec-expectations (~> 2.0.1)
      rspec-mocks (~> 2.0.1)
    rspec-core (2.0.1)
    rspec-expectations (2.0.1)
      diff-lcs (>= 1.1.2)
    rspec-mocks (2.0.1)
      rspec-core (~> 2.0.1)
      rspec-expectations (~> 2.0.1)

PLATFORMS
  ruby

DEPENDENCIES
  bitsontherun!
  bundler (>= 1.0.0)
  curb
  json (>= 1.4.6)
  nokogiri (>= 1.4.3)
  rspec (~> 2.0.0)
