PATH
  remote: .
  specs:
    bitsontherun (0.1.2)
      curb (>= 0.7.0)
      json (>= 1.4.0)

GEM
  remote: http://rubygems.org/
  specs:
    addressable (2.2.7)
    crack (0.3.1)
    curb (0.8.0)
    diff-lcs (1.1.3)
    json (2.2.0)
    rspec (2.9.0)
      rspec-core (~> 2.9.0)
      rspec-expectations (~> 2.9.0)
      rspec-mocks (~> 2.9.0)
    rspec-core (2.9.0)
    rspec-expectations (2.9.1)
      diff-lcs (~> 1.1.3)
    rspec-mocks (2.9.0)
    webmock (1.8.6)
      addressable (>= 2.2.7)
      crack (>= 0.1.7)

PLATFORMS
  ruby

DEPENDENCIES
  bitsontherun!
  bundler (~> 1.0)
  rspec (~> 2.0)
  webmock (~> 1.6)
